GEM
  remote: https://rubygems.org/
  specs:
    axiom-types (0.1.1)
      descendants_tracker (~> 0.0.4)
      ice_nine (~> 0.11.0)
      thread_safe (~> 0.3, >= 0.3.1)
    coercible (1.0.0)
      descendants_tracker (~> 0.0.1)
    descendants_tracker (0.0.4)
      thread_safe (~> 0.3, >= 0.3.1)
    diplomat (2.0.2)
      faraday (~> 0.9)
      json
    equalizer (0.0.11)
    et-orbi (1.1.2)
      tzinfo
    faraday (0.15.2)
      multipart-post (>= 1.2, < 3)
    fugit (1.1.3)
      et-orbi (~> 1.1, >= 1.1.1)
      raabro (~> 1.1)
    ice_nine (0.11.2)
    json (2.1.0)
    multipart-post (2.0.0)
    raabro (1.1.6)
    rufus-scheduler (3.5.0)
      fugit (~> 1.1, >= 1.1.1)
    tcce (0.1.1)
      diplomat (~> 2.0, >= 2.0.2)
    thread_safe (0.3.6)
    tzinfo (1.2.5)
      thread_safe (~> 0.1)
    tzinfo-data (1.2018.5)
      tzinfo (>= 1.0.0)
    virtus (1.0.5)
      axiom-types (~> 0.1)
      coercible (~> 1.0)
      descendants_tracker (~> 0.0, >= 0.0.3)
      equalizer (~> 0.0, >= 0.0.9)

PLATFORMS
  ruby

DEPENDENCIES
  rufus-scheduler (~> 3.5)
  tcce (~> 0.1, >= 0.1.1)
  tzinfo-data (~> 1.2018, >= 1.2018.5)
  virtus (~> 1.0, >= 1.0.5)

BUNDLED WITH
   1.16.2
