GEM
  remote: https://rubygems.org/
  specs:
    axiom-types (0.1.1)
      descendants_tracker (~> 0.0.4)
      ice_nine (~> 0.11.0)
      thread_safe (~> 0.3, >= 0.3.1)
    coercible (1.0.0)
      descendants_tracker (~> 0.0.1)
    deep_merge (1.2.1)
    descendants_tracker (0.0.4)
      thread_safe (~> 0.3, >= 0.3.1)
    diplomat (2.5.1)
      deep_merge (~> 1.2)
      faraday (>= 0.9)
    equalizer (0.0.11)
    et-orbi (1.2.4)
      tzinfo
    faraday (1.3.0)
      faraday-net_http (~> 1.0)
      multipart-post (>= 1.2, < 3)
      ruby2_keywords
    faraday-net_http (1.0.1)
    fugit (1.4.3)
      et-orbi (~> 1.1, >= 1.1.8)
      raabro (~> 1.4)
    ice_nine (0.11.2)
    multipart-post (2.1.1)
    raabro (1.4.0)
    ruby2_keywords (0.0.4)
    rufus-scheduler (3.7.0)
      fugit (~> 1.1, >= 1.1.6)
    tcce (0.1.2)
      diplomat (~> 2.0, >= 2.5.1)
    thread_safe (0.3.6)
    tzinfo (1.2.5)
      thread_safe (~> 0.1)
    tzinfo-data (1.2021.1)
      tzinfo (>= 1.0.0)
    virtus (1.0.5)
      axiom-types (~> 0.1)
      coercible (~> 1.0)
      descendants_tracker (~> 0.0, >= 0.0.3)
      equalizer (~> 0.0, >= 0.0.9)

PLATFORMS
  ruby

DEPENDENCIES
  rufus-scheduler (~> 3.7)
  tcce (~> 0.1, >= 0.1.2)
  tzinfo-data (~> 1.2021, >= 1.2021.1)
  virtus (~> 1.0, >= 1.0.5)

BUNDLED WITH
   1.16.2
